PATH
  remote: .
  specs:
    pipe_drive_ruby_wrapper (0.1.0)
      oj (~> 3.3)
      rspec (~> 3.7)

GEM
  remote: https://rubygems.org/
  specs:
    diff-lcs (1.3)
    oj (3.3.10)
    rspec (3.7.0)
      rspec-core (~> 3.7.0)
      rspec-expectations (~> 3.7.0)
      rspec-mocks (~> 3.7.0)
    rspec-core (3.7.0)
      rspec-support (~> 3.7.0)
    rspec-expectations (3.7.0)
      diff-lcs (>= 1.2.0, < 2.0)
      rspec-support (~> 3.7.0)
    rspec-mocks (3.7.0)
      diff-lcs (>= 1.2.0, < 2.0)
      rspec-support (~> 3.7.0)
    rspec-support (3.7.0)

PLATFORMS
  ruby

DEPENDENCIES
  oj (~> 3.3.10)
  pipe_drive_ruby_wrapper!
  rspec (~> 3.7.0)

BUNDLED WITH
   1.16.4
